GEM
  remote: https://rubygems.org/
  specs:
    kiba (2.0.0)
    mysql2 (0.4.9)

PLATFORMS
  ruby

DEPENDENCIES
  kiba
  mysql2
